GEM
  remote: https://rubygems.org/
  specs:
    addressable (2.7.0)
      public_suffix (>= 2.0.2, < 5.0)
    backports (3.17.2)
    builder (3.2.4)
    capybara (3.32.2)
      addressable
      mini_mime (>= 0.1.3)
      nokogiri (~> 1.8)
      rack (>= 1.6.0)
      rack-test (>= 0.6.3)
      regexp_parser (~> 1.5)
      xpath (~> 3.2)
    concurrent-ruby (1.1.6)
    correios-cep (0.8.0)
      http (~> 4.3)
      ox (~> 2.13)
    cucumber (3.1.2)
      builder (>= 2.1.2)
      cucumber-core (~> 3.2.0)
      cucumber-expressions (~> 6.0.1)
      cucumber-wire (~> 0.0.1)
      diff-lcs (~> 1.3)
      gherkin (~> 5.1.0)
      multi_json (>= 1.7.5, < 2.0)
      multi_test (>= 0.1.2)
    cucumber-core (3.2.1)
      backports (>= 3.8.0)
      cucumber-tag_expressions (~> 1.1.0)
      gherkin (~> 5.0)
    cucumber-expressions (6.0.1)
    cucumber-tag_expressions (1.1.1)
    cucumber-wire (0.0.1)
    diff-lcs (1.3)
    domain_name (0.5.20190701)
      unf (>= 0.0.5, < 1.0.0)
    faker (2.11.0)
      i18n (>= 1.6, < 2)
    ffi (1.12.2-x64-mingw32)
    ffi-compiler (1.0.1)
      ffi (>= 1.0.0)
      rake
    gherkin (5.1.0)
    http (4.4.1)
      addressable (~> 2.3)
      http-cookie (~> 1.0)
      http-form_data (~> 2.2)
      http-parser (~> 1.2.0)
    http-cookie (1.0.3)
      domain_name (~> 0.5)
    http-form_data (2.3.0)
    http-parser (1.2.1)
      ffi-compiler (>= 1.0, < 2.0)
    httparty (0.18.0)
      mime-types (~> 3.0)
      multi_xml (>= 0.5.2)
    i18n (1.8.2)
      concurrent-ruby (~> 1.0)
    mime-types (3.3.1)
      mime-types-data (~> 3.2015)
    mime-types-data (3.2020.0512)
    mini_mime (1.0.2)
    mini_portile2 (2.4.0)
    multi_json (1.14.1)
    multi_test (0.1.2)
    multi_xml (0.6.0)
    nokogiri (1.10.9-x64-mingw32)
      mini_portile2 (~> 2.4.0)
    ox (2.13.2)
    public_suffix (4.0.5)
    rack (2.2.2)
    rack-test (1.1.0)
      rack (>= 1.0, < 3)
    rake (13.0.1)
    regexp_parser (1.7.0)
    unf (0.1.4)
      unf_ext
    unf_ext (0.0.7.7-x64-mingw32)
    xpath (3.2.0)
      nokogiri (~> 1.8)

PLATFORMS
  x64-mingw32

DEPENDENCIES
  capybara
  correios-cep
  cucumber
  faker
  httparty

BUNDLED WITH
   2.1.4
